PATH
  remote: .
  specs:
    ruby_object_with_rust (0.1.0)
      ffi

GEM
  remote: https://rubygems.org/
  specs:
    diff-lcs (1.4.4)
    ffi (1.14.2)
    rake (10.5.0)
    rspec (3.10.0)
      rspec-core (~> 3.10.0)
      rspec-expectations (~> 3.10.0)
      rspec-mocks (~> 3.10.0)
    rspec-core (3.10.0)
      rspec-support (~> 3.10.0)
    rspec-expectations (3.10.0)
      diff-lcs (>= 1.2.0, < 2.0)
      rspec-support (~> 3.10.0)
    rspec-mocks (3.10.0)
      diff-lcs (>= 1.2.0, < 2.0)
      rspec-support (~> 3.10.0)
    rspec-support (3.10.0)

PLATFORMS
  ruby

DEPENDENCIES
  bundler (~> 1.17, < 2)
  rake (~> 10.0)
  rspec (~> 3.0)
  ruby_object_with_rust!

BUNDLED WITH
   1.17.1
